PATH
  remote: .
  specs:
    heimdall_tools (1.3.0)
      OptionParser (~> 0)
      activesupport (>= 4.2.3)
      colorize (~> 0)
      nokogiri (~> 1.8)
      nori (~> 0)
      rake (~> 10.0)
      thor (~> 0.19)

GEM
  remote: https://rubygems.org/
  specs:
    OptionParser (0.5.1)
    activesupport (6.0.0)
      concurrent-ruby (~> 1.0, >= 1.0.2)
      i18n (>= 0.7, < 2)
      minitest (~> 5.1)
      tzinfo (~> 1.1)
      zeitwerk (~> 2.1, >= 2.1.8)
    codeclimate-test-reporter (1.0.9)
      simplecov (<= 0.13)
    coderay (1.1.2)
    colorize (0.8.1)
    concurrent-ruby (1.1.5)
    csv (3.1.2)
    docile (1.1.5)
    httparty (0.17.1)
      mime-types (~> 3.0)
      multi_xml (>= 0.5.2)
    i18n (1.7.0)
      concurrent-ruby (~> 1.0)
    ipaddr (1.2.2)
    json (2.2.0)
    method_source (0.9.2)
    mime-types (3.3)
      mime-types-data (~> 3.2015)
    mime-types-data (3.2019.1009)
    mini_portile2 (2.4.0)
    minitest (5.12.2)
    multi_xml (0.6.0)
    nokogiri (1.10.4)
      mini_portile2 (~> 2.4.0)
    nori (0.2.4)
    openssl (2.1.2)
      ipaddr
    pry (0.12.2)
      coderay (~> 1.1.0)
      method_source (~> 0.9.0)
    rake (10.5.0)
    simplecov (0.13.0)
      docile (~> 1.1.0)
      json (>= 1.8, < 3)
      simplecov-html (~> 0.10.0)
    simplecov-html (0.10.2)
    thor (0.20.3)
    thread_safe (0.3.6)
    tzinfo (1.2.5)
      thread_safe (~> 0.1)
    zeitwerk (2.2.0)

PLATFORMS
  ruby

DEPENDENCIES
  bundler
  codeclimate-test-reporter
  csv
  heimdall_tools!
  httparty
  json
  minitest (~> 5.0)
  nokogiri
  nori
  openssl
  pry (~> 0)

BUNDLED WITH
   1.17.2
